PATH
  remote: .
  specs:
    bunnyrb (0.1.0)
      faraday (~> 2.0)
      faraday-multipart (~> 1.0)
      marcel (~> 1.0)

GEM
  remote: https://rubygems.org/
  specs:
    dotenv (3.1.2)
    faraday (2.9.1)
      faraday-net_http (>= 2.0, < 3.2)
    faraday-multipart (1.0.4)
      multipart-post (~> 2)
    faraday-net_http (3.1.0)
      net-http
    marcel (1.0.4)
    minitest (5.23.1)
    multipart-post (2.4.1)
    net-http (0.4.1)
      uri
    rake (12.3.3)
    uri (0.13.0)
    vcr (6.2.0)

PLATFORMS
  ruby

DEPENDENCIES
  bunnyrb!
  dotenv
  minitest (~> 5.0)
  rake (~> 12.0)
  vcr

BUNDLED WITH
   2.5.7
